PATH
  remote: .
  specs:
    ruby-geonames (0.2.7)

GEM
  remote: http://rubygems.org/
  specs:
    diff-lcs (1.2.4)
    fakeweb (1.3.0)
    rake (10.1.0)
    rcov (0.9.9)
    rspec (2.13.0)
      rspec-core (~> 2.13.0)
      rspec-expectations (~> 2.13.0)
      rspec-mocks (~> 2.13.0)
    rspec-core (2.13.1)
    rspec-expectations (2.13.0)
      diff-lcs (>= 1.1.3, < 2.0)
    rspec-mocks (2.13.1)

PLATFORMS
  ruby

DEPENDENCIES
  bundler (~> 1.3.5)
  fakeweb (~> 1.3.0)
  rake (~> 10.1.0)
  rcov (~> 0.9.9)
  rspec (= 2.13.0)
  ruby-geonames!
